GIT
  remote: https://github.com/capistrano/sshkit.git
  revision: acfa0e221f499da01b2cbba097acdb37a71555fa
  ref: acfa0e221f499da01b2cbba097acdb37a71555fa
  specs:
    sshkit (1.7.1)
      net-scp (>= 1.1.2)
      net-ssh (>= 2.8.0)

GIT
  remote: https://github.com/stefanozanella/bintray.git
  revision: 842a7a1806045f8284b966888f0bd3e42ea644e9
  specs:
    bintray (0.0.1)
      httparty

GEM
  remote: https://rubygems.org/
  specs:
    bigdecimal (1.2.6)
    diff-lcs (1.3)
    hashie (4.0.0)
    httparty (0.17.3)
      mime-types (~> 3.0)
      multi_xml (>= 0.5.2)
    io-console (0.4.3)
    json (1.8.1)
    mime-types (3.3)
      mime-types-data (~> 3.2015)
    mime-types-data (3.2019.1009)
    minitest (5.4.3)
    multi_json (1.14.1)
    multi_xml (0.6.0)
    net-scp (2.0.0)
      net-ssh (>= 2.6.5, < 6.0.0)
    net-ssh (4.2.0)
    net-telnet (0.1.1)
    power_assert (0.2.2)
    psych (2.0.8)
    rake (10.4.2)
    rdoc (4.2.0)
    rspec (3.9.0)
      rspec-core (~> 3.9.0)
      rspec-expectations (~> 3.9.0)
      rspec-mocks (~> 3.9.0)
    rspec-core (3.9.0)
      rspec-support (~> 3.9.0)
    rspec-expectations (3.9.0)
      diff-lcs (>= 1.2.0, < 2.0)
      rspec-support (~> 3.9.0)
    rspec-its (1.3.0)
      rspec-core (>= 3.0.0)
      rspec-expectations (>= 3.0.0)
    rspec-mocks (3.9.0)
      diff-lcs (>= 1.2.0, < 2.0)
      rspec-support (~> 3.9.0)
    rspec-support (3.9.0)
    serverspec (2.41.5)
      multi_json
      rspec (~> 3.0)
      rspec-its
      specinfra (~> 2.72)
    sfl (2.3)
    slop (4.7.0)
    specinfra (2.82.4)
      net-scp
      net-ssh (>= 2.7)
      net-telnet (= 0.1.1)
      sfl
    test-unit (3.0.8)
      power_assert

PLATFORMS
  ruby

DEPENDENCIES
  bigdecimal (= 1.2.6)
  bintray!
  bundler (= 1.10.6)
  diff-lcs (= 1.3)
  hashie (= 4.0.0)
  httparty (= 0.17.3)
  io-console (= 0.4.3)
  json (= 1.8.1)
  mime-types (= 3.3)
  mime-types-data (= 3.2019.1009)
  minitest (= 5.4.3)
  multi_json (= 1.14.1)
  multi_xml (= 0.6.0)
  net-scp (= 2.0.0)
  net-ssh (= 4.2.0)
  net-telnet (= 0.1.1)
  power_assert (= 0.2.2)
  psych (= 2.0.8)
  rake (= 10.4.2)
  rdoc (= 4.2.0)
  rspec (= 3.9.0)
  rspec-core (= 3.9.0)
  rspec-expectations (= 3.9.0)
  rspec-its (= 1.3.0)
  rspec-mocks (= 3.9.0)
  rspec-support (= 3.9.0)
  serverspec (= 2.41.5)
  sfl (= 2.3)
  slop (= 4.7.0)
  specinfra (= 2.82.4)
  sshkit!
  test-unit (= 3.0.8)

BUNDLED WITH
   1.10.6
